GEM
  remote: http://rubygems.org/
  specs:
    colored (1.2)
    highline (1.6.11)
    trollop (1.16.2)

PLATFORMS
  ruby

DEPENDENCIES
  colored
  highline
  trollop
